PATH
  remote: ../guides-style
  specs:
    guides_style_18f (1.0.4)
      jekyll (~> 3.2)
      jekyll_pages_api
      jekyll_pages_api_search

GEM
  remote: https://rubygems.org/
  specs:
    colorator (1.1.0)
    ffi (1.9.18)
    forwardable-extended (2.6.0)
    go_script (0.1.9)
      bundler (~> 1.10)
      safe_yaml (~> 1.0)
    htmlentities (4.3.4)
    jekyll (3.2.1)
      colorator (~> 1.0)
      jekyll-sass-converter (~> 1.0)
      jekyll-watch (~> 1.1)
      kramdown (~> 1.3)
      liquid (~> 3.0)
      mercenary (~> 0.3.3)
      pathutil (~> 0.9)
      rouge (~> 1.7)
      safe_yaml (~> 1.0)
    jekyll-sass-converter (1.5.0)
      sass (~> 3.4)
    jekyll-watch (1.5.0)
      listen (~> 3.0, < 3.1)
    jekyll_pages_api (0.1.6)
      htmlentities (~> 4.3)
      jekyll (>= 2.0, < 4.0)
    jekyll_pages_api_search (0.4.4)
      jekyll_pages_api (~> 0.1.4)
      sass (~> 3.4)
    kramdown (1.13.2)
    liquid (3.0.6)
    listen (3.0.8)
      rb-fsevent (~> 0.9, >= 0.9.4)
      rb-inotify (~> 0.9, >= 0.9.7)
    mercenary (0.3.6)
    pathutil (0.14.0)
      forwardable-extended (~> 2.6)
    rb-fsevent (0.9.8)
    rb-inotify (0.9.8)
      ffi (>= 0.5.0)
    rouge (1.11.1)
    safe_yaml (1.0.4)
    sass (3.4.23)

PLATFORMS
  ruby

DEPENDENCIES
  go_script
  guides_style_18f!
  jekyll (~> 3.2.0)

BUNDLED WITH
   1.13.6
